GEM
  remote: http://rubygems.org/
  specs:
    RubyInline (3.12.4)
      ZenTest (~> 4.3)
    ZenTest (4.11.0)
    activesupport (4.2.6)
      i18n (~> 0.7)
      json (~> 1.7, >= 1.7.7)
      minitest (~> 5.1)
      thread_safe (~> 0.3, >= 0.3.4)
      tzinfo (~> 1.1)
    addressable (2.4.0)
    backports (3.6.8)
    claide (0.9.1)
    cocoapods (0.39.0)
      activesupport (>= 4.0.2)
      claide (~> 0.9.1)
      cocoapods-core (= 0.39.0)
      cocoapods-downloader (~> 0.9.3)
      cocoapods-plugins (~> 0.4.2)
      cocoapods-search (~> 0.1.0)
      cocoapods-stats (~> 0.6.2)
      cocoapods-trunk (~> 0.6.4)
      cocoapods-try (~> 0.5.1)
      colored (~> 1.2)
      escape (~> 0.0.4)
      molinillo (~> 0.4.0)
      nap (~> 1.0)
      xcodeproj (~> 0.28.2)
    cocoapods-core (0.39.0)
      activesupport (>= 4.0.2)
      fuzzy_match (~> 2.0.4)
      nap (~> 1.0)
    cocoapods-downloader (0.9.3)
    cocoapods-keys (1.6.1)
      dotenv
      osx_keychain
    cocoapods-plugins (0.4.2)
      nap
    cocoapods-search (0.1.0)
    cocoapods-stats (0.6.2)
    cocoapods-trunk (0.6.4)
      nap (>= 0.8, < 2.0)
      netrc (= 0.7.8)
    cocoapods-try (0.5.1)
    colored (1.2)
    dotenv (2.1.1)
    escape (0.0.4)
    ethon (0.8.0)
      ffi (>= 1.3.0)
    faraday (0.9.2)
      multipart-post (>= 1.2, < 3)
    faraday_middleware (0.10.0)
      faraday (>= 0.7.4, < 0.10)
    ffi (1.9.10)
    fuzzy_match (2.0.4)
    gh (0.14.0)
      addressable
      backports
      faraday (~> 0.8)
      multi_json (~> 1.0)
      net-http-persistent (>= 2.7)
      net-http-pipeline
    highline (1.7.8)
    i18n (0.7.0)
    json (1.8.3)
    launchy (2.4.3)
      addressable (~> 2.3)
    minitest (5.8.4)
    molinillo (0.4.4)
    multi_json (1.11.2)
    multipart-post (2.0.0)
    nap (1.1.0)
    net-http-persistent (2.9.4)
    net-http-pipeline (1.0.1)
    netrc (0.7.8)
    osx_keychain (1.0.1)
      RubyInline (~> 3)
    pusher-client (0.6.2)
      json
      websocket (~> 1.0)
    thread_safe (0.3.5)
    travis (1.8.2)
      backports
      faraday (~> 0.9)
      faraday_middleware (~> 0.9, >= 0.9.1)
      gh (~> 0.13)
      highline (~> 1.6)
      launchy (~> 2.1)
      pusher-client (~> 0.4)
      typhoeus (~> 0.6, >= 0.6.8)
    typhoeus (0.8.0)
      ethon (>= 0.8.0)
    tzinfo (1.2.2)
      thread_safe (~> 0.1)
    websocket (1.2.2)
    xcodeproj (0.28.2)
      activesupport (>= 3)
      claide (~> 0.9.1)
      colored (~> 1.2)

PLATFORMS
  ruby

DEPENDENCIES
  cocoapods (~> 0.39.0)
  cocoapods-keys
  travis

BUNDLED WITH
   1.11.2
